GIT
  remote: git://github.com/mvz/reek.git
  revision: c21b666e8249627f78024065d99c5f4329355e99
  branch: ripper_ruby_parser-2
  specs:
    reek (1.2.8)
      ruby2ruby (~> 1.2.5)
      ruby_parser (~> 2.0)
      sexp_processor (~> 3.0)

GEM
  remote: https://rubygems.org/
  specs:
    cane (1.2.0)
      tailor
    diff-lcs (1.1.3)
    fabrication (1.3.2)
    rake (0.9.2.2)
    rspec (2.9.0)
      rspec-core (~> 2.9.0)
      rspec-expectations (~> 2.9.0)
      rspec-mocks (~> 2.9.0)
    rspec-core (2.9.0)
    rspec-expectations (2.9.1)
      diff-lcs (~> 1.1.3)
    rspec-mocks (2.9.0)
    ruby2ruby (1.2.5)
      ruby_parser (~> 2.0)
      sexp_processor (~> 3.0)
    ruby_parser (2.3.1)
      sexp_processor (~> 3.0)
    sexp_processor (3.2.0)
    tailor (0.1.5)
      term-ansicolor (>= 1.0.5)
    term-ansicolor (1.0.7)

PLATFORMS
  ruby

DEPENDENCIES
  cane
  fabrication
  rake
  reek!
  rspec
